GEM
  remote: https://rubygems.org/
  specs:
    dotenv (3.1.8)
    rexml (3.4.1)
    rss (0.3.1)
      rexml

PLATFORMS
  arm64-darwin-24
  ruby

DEPENDENCIES
  dotenv (~> 3.1)
  rss (~> 0.3.1)

BUNDLED WITH
   2.6.2
